GIT
  remote: https://github.com/0x000000/team7-domain
  revision: 92287338a3ce04df92cd6c0e0dd32842300ba9f9
  branch: master
  glob: build/ruby/*.gemspec
  specs:
    domain-ruby (0.0.2)
      google-protobuf (~> 3.11.2)
      grpc (~> 1.27.0)

GEM
  remote: https://rubygems.org/
  specs:
    google-protobuf (3.11.4)
    googleapis-common-protos-types (1.0.5)
      google-protobuf (~> 3.11)
    grpc (1.27.0)
      google-protobuf (~> 3.11)
      googleapis-common-protos-types (~> 1.0)

PLATFORMS
  ruby

DEPENDENCIES
  domain-ruby!

RUBY VERSION
   ruby 2.6.6p146

BUNDLED WITH
   1.17.3
