GIT
  remote: https://github.com/0x000000/team7-domain
  revision: d54d2a596669a8678ab9c89acb153df1da02cca8
  branch: master
  glob: build/ruby/*.gemspec
  specs:
    domain-ruby (0.0.5)
      google-protobuf (~> 3.11.2)
      grpc (~> 1.27.0)

GEM
  remote: https://rubygems.org/
  specs:
    concurrent-ruby (1.1.6)
    google-protobuf (3.11.4)
    googleapis-common-protos-types (1.0.5)
      google-protobuf (~> 3.11)
    grpc (1.27.0)
      google-protobuf (~> 3.11)
      googleapis-common-protos-types (~> 1.0)

PLATFORMS
  ruby

DEPENDENCIES
  concurrent-ruby
  domain-ruby!

RUBY VERSION
   ruby 2.6.6p146

BUNDLED WITH
   1.17.3
